GEM
  remote: http://rubygems.org/
  specs:
    diff-lcs (1.2.4)
    haml (4.0.3)
      tilt
    hashie (2.0.5)
    omniauth (1.1.4)
      hashie (>= 1.2, < 3)
      rack
    rack (1.5.2)
    rack-protection (1.5.0)
      rack
    redis (3.0.4)
    rspec (2.14.1)
      rspec-core (~> 2.14.0)
      rspec-expectations (~> 2.14.0)
      rspec-mocks (~> 2.14.0)
    rspec-core (2.14.5)
    rspec-expectations (2.14.2)
      diff-lcs (>= 1.1.3, < 2.0)
    rspec-mocks (2.14.3)
    sinatra (1.4.3)
      rack (~> 1.4)
      rack-protection (~> 1.4)
      tilt (~> 1.3, >= 1.3.4)
    tilt (1.4.1)

PLATFORMS
  ruby

DEPENDENCIES
  haml (= 4.0.3)
  omniauth (= 1.1.4)
  redis (= 3.0.4)
  rspec (= 2.14.1)
  sinatra (= 1.4.3)
